PATH
  remote: .
  specs:
    favebomb (0.1.0)
      colored
      json
      oauth

GEM
  remote: http://rubygems.org/
  specs:
    colored (1.2)
    json (1.7.7)
    oauth (0.4.7)

PLATFORMS
  ruby

DEPENDENCIES
  favebomb!
